GEM
  remote: http://rubygems.org/
  specs:
    faraday (0.8.1)
      multipart-post (~> 1.1)
    foreman (0.53.0)
      thor (>= 0.13.6)
    hashie (1.2.0)
    json (1.7.4)
    multi_json (1.3.6)
    multipart-post (1.1.5)
    oauth (0.4.6)
    simple_oauth (0.1.9)
    thor (0.15.4)
    twitter (3.4.1)
      faraday (~> 0.8)
      multi_json (~> 1.3)
      simple_oauth (~> 0.1.6)
    userstream (1.2.2)
      hashie (~> 1.2.0)
      oauth (~> 0.4.6)

PLATFORMS
  ruby

DEPENDENCIES
  foreman
  json
  oauth
  twitter
  userstream
